GEM
  remote: https://rubygems.org/
  specs:
    activesupport (5.0.0.rc1)
      concurrent-ruby (~> 1.0, >= 1.0.2)
      i18n (~> 0.7)
      minitest (~> 5.1)
      tzinfo (~> 1.1)
    concurrent-ruby (1.0.2)
    descriptive_statistics (2.5.1)
    fast_blank (1.0.0)
    i18n (0.7.0)
    minitest (5.9.0)
    thread_safe (0.3.5)
    tzinfo (1.2.2)
      thread_safe (~> 0.1)

PLATFORMS
  ruby

DEPENDENCIES
  activesupport (= 5.0.0.rc1)
  descriptive_statistics
  fast_blank

BUNDLED WITH
   1.11.2
